GEM
  remote: http://rubygems.org/
  specs:
    rubyzip (0.9.4)
    yard (0.6.3)

PLATFORMS
  x86-mingw32

DEPENDENCIES
  rubyzip
  yard
